GEM
  remote: https://rubygems.org/
  specs:
    eventmachine (1.2.5)
    faye-websocket (0.10.7)
      eventmachine (>= 0.12.0)
      websocket-driver (>= 0.5.1)
    mustache (1.0.5)
    rack (2.0.4)
    sqlite3 (1.3.13)
    websocket-driver (0.7.0)
      websocket-extensions (>= 0.1.0)
    websocket-extensions (0.1.3)

PLATFORMS
  ruby

DEPENDENCIES
  bundler
  faye-websocket
  mustache
  rack
  sqlite3

BUNDLED WITH
   1.16.1
